GEM
  remote: https://rubygems.org/
  specs:
    little-plugger (1.1.4)
    logging (2.2.2)
      little-plugger (~> 1.1)
      multi_json (~> 1.10)
    multi_json (1.13.1)
    oauth (0.5.4)
    zliby (0.0.5)

PLATFORMS
  ruby

DEPENDENCIES
  logging
  oauth
  zliby

BUNDLED WITH
   1.17.2
